PATH
  remote: .
  specs:
    xendit-client (0.2.1)
      faraday (~> 2.7.2)

GEM
  remote: https://rubygems.org/
  specs:
    faraday (2.7.4)
      faraday-net_http (>= 2.0, < 3.1)
      ruby2_keywords (>= 0.0.4)
    faraday-net_http (3.0.2)
    rake (13.0.6)
    ruby2_keywords (0.0.5)

PLATFORMS
  arm64-darwin-21
  ruby
  universal-darwin-22

DEPENDENCIES
  rake (~> 13.0)
  xendit-client!

BUNDLED WITH
   2.3.23
