PATH
  remote: .
  specs:
    xendit (0.1.0)
      faraday (~> 2.7.2)

GEM
  remote: https://rubygems.org/
  specs:
    faraday (2.7.2)
      faraday-net_http (>= 2.0, < 3.1)
      ruby2_keywords (>= 0.0.4)
    faraday-net_http (3.0.2)
    rake (13.0.6)
    ruby2_keywords (0.0.5)

PLATFORMS
  arm64-darwin-21

DEPENDENCIES
  rake (~> 13.0)
  xendit!

BUNDLED WITH
   2.3.23
